GEM
  specs:
    wdm (0.1.1)

PLATFORMS
  x64-mingw-ucrt

DEPENDENCIES
  wdm (>= 0.1.0)

BUNDLED WITH
   2.4.12
